GEM
  remote: https://rubygems.org/
  specs:
    addressable (2.5.2)
      public_suffix (>= 2.0.2, < 4.0)
    coderay (1.1.2)
    colorize (0.8.1)
    crass (1.0.4)
    declarative (0.0.10)
    declarative-option (0.1.0)
    discourse_api (0.24.0)
      faraday (~> 0.9)
      faraday_middleware (~> 0.10)
      rack (>= 1.6)
    dotenv (2.5.0)
    faraday (0.15.2)
      multipart-post (>= 1.2, < 3)
    faraday_middleware (0.12.2)
      faraday (>= 0.7.4, < 1.0)
    google-api-client (0.21.2)
      addressable (~> 2.5, >= 2.5.1)
      googleauth (>= 0.5, < 0.7.0)
      httpclient (>= 2.8.1, < 3.0)
      mime-types (~> 3.0)
      representable (~> 3.0)
      retriable (>= 2.0, < 4.0)
    google_drive (2.1.11)
      google-api-client (>= 0.11.0, < 0.22.0)
      googleauth (>= 0.5.0, < 1.0.0)
      nokogiri (>= 1.5.3, < 2.0.0)
    googleauth (0.6.2)
      faraday (~> 0.12)
      jwt (>= 1.4, < 3.0)
      logging (~> 2.0)
      memoist (~> 0.12)
      multi_json (~> 1.11)
      os (~> 0.9)
      signet (~> 0.7)
    httparty (0.16.2)
      multi_xml (>= 0.5.2)
    httpclient (2.8.3)
    jwt (2.1.0)
    little-plugger (1.1.4)
    logging (2.2.2)
      little-plugger (~> 1.1)
      multi_json (~> 1.10)
    memoist (0.16.0)
    method_source (0.9.0)
    mime-types (3.1)
      mime-types-data (~> 3.2015)
    mime-types-data (3.2016.0521)
    mini_portile2 (2.3.0)
    multi_json (1.13.1)
    multi_xml (0.6.0)
    multipart-post (2.0.0)
    mustermann (1.0.2)
    nokogiri (1.8.3)
      mini_portile2 (~> 2.3.0)
    nokogumbo (1.5.0)
      nokogiri
    os (0.9.6)
    pry (0.11.3)
      coderay (~> 1.1.0)
      method_source (~> 0.9.0)
    public_suffix (3.0.2)
    rack (2.0.5)
    rack-protection (2.0.3)
      rack
    representable (3.0.4)
      declarative (< 0.1.0)
      declarative-option (< 0.2.0)
      uber (< 0.2.0)
    retriable (3.1.2)
    ruby_http_client (3.3.0)
    sanitize (4.6.5)
      crass (~> 1.0.2)
      nokogiri (>= 1.4.4)
      nokogumbo (~> 1.4)
    sendgrid-ruby (5.2.0)
      ruby_http_client (~> 3.2)
      sinatra (>= 1.4.7, < 3)
    signet (0.8.1)
      addressable (~> 2.3)
      faraday (~> 0.9)
      jwt (>= 1.5, < 3.0)
      multi_json (~> 1.10)
    sinatra (2.0.3)
      mustermann (~> 1.0)
      rack (~> 2.0)
      rack-protection (= 2.0.3)
      tilt (~> 2.0)
    tilt (2.0.8)
    twilio-ruby (5.10.5)
      faraday (~> 0.9)
      jwt (>= 1.5, <= 2.5)
      nokogiri (>= 1.6, < 2.0)
    uber (0.1.0)

PLATFORMS
  ruby

DEPENDENCIES
  colorize
  discourse_api
  dotenv
  google_drive
  httparty
  pry
  sanitize
  sendgrid-ruby
  sinatra
  twilio-ruby

BUNDLED WITH
   1.16.1
